GEM
  remote: http://rubygems.org/
  specs:
    bson (1.6.4)
    bson_ext (1.6.4)
      bson (~> 1.6.4)
    builder (3.0.0)
    faraday (0.8.4)
      multipart-post (~> 1.1)
    faraday_middleware (0.9.0)
      faraday (>= 0.7.4, < 0.9)
    gabba (1.0.1)
    haml (3.1.7)
    hashie (1.2.0)
    httpauth (0.2.0)
    json (1.7.4)
    jwt (0.1.5)
      multi_json (>= 1.0)
    mongo (1.6.4)
      bson (~> 1.6.4)
    multi_json (1.5.0)
    multipart-post (1.1.5)
    nokogiri (1.5.6)
    oauth2 (0.8.0)
      faraday (~> 0.8)
      httpauth (~> 0.1)
      jwt (~> 0.1.4)
      multi_json (~> 1.0)
      rack (~> 1.2)
    omniauth (1.1.1)
      hashie (~> 1.2)
      rack
    omniauth-oauth2 (1.1.1)
      oauth2 (~> 0.8.0)
      omniauth (~> 1.0)
    omniauth-orcid (0.5)
      omniauth (~> 1.0)
      omniauth-oauth2 (~> 1.1)
    rack (1.4.1)
    rack-protection (1.2.0)
      rack
    rack-session-mongo (0.0.1)
      mongo
      rack
    rake (10.0.3)
    redis (3.0.2)
    redis-namespace (1.2.1)
      redis (~> 3.0.0)
    resque (1.23.0)
      multi_json (~> 1.0)
      redis-namespace (~> 1.0)
      sinatra (>= 0.9.2)
      vegas (~> 0.1.2)
    rsolr (1.0.8)
      builder (>= 2.1.2)
    sinatra (1.3.2)
      rack (~> 1.3, >= 1.3.6)
      rack-protection (~> 1.2)
      tilt (~> 1.3, >= 1.3.3)
    tilt (1.3.3)
    vegas (0.1.11)
      rack (>= 1.0.0)
    will_paginate (3.0.3)

PLATFORMS
  ruby

DEPENDENCIES
  bson
  bson_ext
  faraday
  faraday_middleware
  gabba
  haml
  json
  mongo
  nokogiri
  oauth2
  omniauth-orcid
  rack-session-mongo
  rake
  resque
  rsolr
  sinatra
  will_paginate
